GEM
  remote: https://rubygems.org/
  specs:
    coderay (1.1.1)
    hashie (3.4.3)
    httparty (0.13.3)
      json (~> 1.8)
      multi_xml (>= 0.5.2)
    json (1.8.3)
    method_source (0.8.2)
    mini_portile2 (2.1.0)
    multi_xml (0.5.5)
    nokogiri (1.6.8)
      mini_portile2 (~> 2.1.0)
      pkg-config (~> 1.1.7)
    oj (2.17.1)
    pkg-config (1.1.7)
    pry (0.10.3)
      coderay (~> 1.1.0)
      method_source (~> 0.8.1)
      slop (~> 3.4)
    slop (3.6.0)

PLATFORMS
  ruby

DEPENDENCIES
  hashie
  httparty
  nokogiri
  oj
  pry

BUNDLED WITH
   1.12.5
